GEM
  remote: https://rubygems.org/
  specs:

PLATFORMS
  arm64-darwin-21
  arm64-linux
  ruby
  x86_64-darwin-21
  x86_64-linux

DEPENDENCIES

BUNDLED WITH
   2.4.10
